GEM
  remote: https://gems.ruby-china.org/
  specs:
    eventmachine (1.2.0.1)

PLATFORMS
  ruby

DEPENDENCIES
  eventmachine

BUNDLED WITH
   1.11.2
