GEM
  remote: https://gems.ruby-china.org/
  specs:
    binding_of_caller (0.7.2)
      debug_inspector (>= 0.0.1)
    byebug (9.0.5)
    coderay (1.1.1)
    daemons (1.2.4)
    debug_inspector (0.0.2)
    method_source (0.8.2)
    pry (0.10.4)
      coderay (~> 1.1.0)
      method_source (~> 0.8.1)
      slop (~> 3.4)
    pry-byebug (3.4.0)
      byebug (~> 9.0)
      pry (~> 0.10)
    pry-nav (0.2.4)
      pry (>= 0.9.10, < 0.11.0)
    pry-stack_explorer (0.4.9.2)
      binding_of_caller (>= 0.7)
      pry (>= 0.9.11)
    slop (3.6.0)

PLATFORMS
  ruby

DEPENDENCIES
  daemons
  pry
  pry-byebug
  pry-nav
  pry-stack_explorer

BUNDLED WITH
   1.11.2
